GEM
  remote: https://rubygems.org/
  specs:
    colorize (0.7.3)
    gherkin-ruby (0.3.2)
    json (1.8.1)
    rake (10.3.2)
    spinach (0.8.10)
      colorize
      gherkin-ruby (>= 0.3.2)
      json

PLATFORMS
  ruby

DEPENDENCIES
  rake (= 10.3.2)
  spinach (= 0.8.10)
