GEM
  remote: https://rubygems.org/
  specs:
    RedCloth (4.2.9)
    albino (1.3.3)
      posix-spawn (>= 0.3.6)
    builder (3.2.2)
    creole (0.5.0)
    erubis (2.7.0)
    expression_parser (0.9.0)
    gimli (0.1.8)
      RedCloth
      albino
      bundler
      creole
      github-markup
      nokogiri
      optiflag
      org-ruby
      pdfkit
      redcarpet
      wikicloth
      wkhtmltopdf-binary
    github-markup (1.2.1)
      posix-spawn (~> 0.3.8)
    haml (4.0.5)
      tilt
    hub (1.11.2)
    kramdown (1.3.2)
    mini_portile (0.6.0)
    nokogiri (1.6.3.1)
      mini_portile (= 0.6.0)
    optiflag (0.7)
    org-ruby (0.9.9)
      rubypants (~> 0.2)
    pdf-core (0.2.5)
    pdfkit (0.6.2)
    posix-spawn (0.3.9)
    prawn (1.0.0)
      pdf-core (~> 0.2.2)
      ttfunk (~> 1.1.1)
    redcarpet (3.0.0)
    rinku (1.7.3)
    rubypants (0.2.0)
    sass (3.3.3)
    tilt (2.0.0)
    ttfunk (1.1.1)
    wikicloth (0.8.1)
      builder
      expression_parser
      rinku
    wkhtmltopdf-binary (0.9.9.3)

PLATFORMS
  ruby

DEPENDENCIES
  erubis
  gimli
  haml
  hub
  kramdown
  prawn
  redcarpet
  sass
