GEM
  remote: https://rubygems.org/
  specs:
    haml (4.0.5)
      tilt
    hub (1.11.2)
    kramdown (1.3.2)
    redcarpet (3.0.0)
    sass (3.3.3)
    tilt (2.0.0)

PLATFORMS
  ruby

DEPENDENCIES
  haml
  hub
  kramdown
  redcarpet
  sass
