GEM
  remote: https://rubygems.org/
  specs:
    coffee-script (2.3.0)
      coffee-script-source
      execjs
    coffee-script-source (1.7.1)
    execjs (2.2.1)
    haml (4.0.5)
      tilt
    rake (10.3.2)
    tilt (2.0.1)

PLATFORMS
  ruby

DEPENDENCIES
  coffee-script (= 2.3.0)
  haml (= 4.0.5)
  rake (= 10.3.2)
