GEM
  remote: https://rubygems.org/
  specs:
    rack (1.5.2)
    rake (10.3.2)

PLATFORMS
  ruby

DEPENDENCIES
  rack (= 1.5.2)
  rake (= 10.3.2)
