GEM
  remote: https://rubygems.org/
  specs:
    kgio (2.9.2)
    rack (1.5.2)
    raindrops (0.13.0)
    rake (10.3.2)
    unicorn (4.8.3)
      kgio (~> 2.6)
      rack
      raindrops (~> 0.7)

PLATFORMS
  ruby

DEPENDENCIES
  rack (= 1.5.2)
  rake (= 10.3.2)
  unicorn (= 4.8.3)
