GEM
  remote: https://rubygems.org/
  specs:
    faker (1.2.0)
      i18n (~> 0.5)
    haml (4.0.5)
      tilt
    i18n (0.6.9)
    tilt (2.0.0)

PLATFORMS
  ruby

DEPENDENCIES
  faker
  haml
